GIT
  remote: git://github.com/PagerDuty/blender-chef.git
  revision: 6d5544090e320ce2b6b4fd8a902c8de25a0f1133
  specs:
    blender-chef (0.0.1)
      chef
      pd-blender

GIT
  remote: git://github.com/PagerDuty/blender-serf.git
  revision: 4b68c2ff136bcc96afdac166c0da6614a9babdd6
  specs:
    blender-serf (0.0.1)
      pd-blender
      serfx

GIT
  remote: git://github.com/PagerDuty/blender.git
  revision: 734bd02b2dcb1a24b7aaca6f73ed62c0195b8bfb
  specs:
    pd-blender (0.0.1)
      highline
      mixlib-log
      mixlib-shellout
      net-ssh
      rufus-scheduler
      thor

GEM
  remote: https://rubygems.org/
  specs:
    alias (0.2.3)
    awesome_print (1.2.0)
    binding.repl (1.0.4.1)
    boson (1.2.4)
    boson-more (0.2.2)
      boson (>= 1.2.0)
    chef (11.8.4.ohai7.0)
      chef-zero (~> 1.6, >= 1.6.2)
      diff-lcs (~> 1.2, >= 1.2.4)
      erubis (~> 2.7)
      highline (~> 1.6, >= 1.6.9)
      json (>= 1.4.4, <= 1.7.7)
      mime-types (~> 1.16)
      mixlib-authentication (~> 1.3)
      mixlib-cli (~> 1.3)
      mixlib-config (~> 2.0)
      mixlib-log (~> 1.3)
      mixlib-shellout (~> 1.2)
      net-ssh (~> 2.6)
      net-ssh-multi (~> 1.1.0)
      ohai (= 7.0.0.rc.0)
      pry (~> 0.9)
      puma (~> 1.6)
      rest-client (>= 1.0.4, < 1.7.0)
      yajl-ruby (~> 1.1)
    chef-lxc (0.0.1)
      chef (= 11.8.4.ohai7.0)
      lxc-extra
      ruby-lxc
    chef-zero (1.7.3)
      hashie (~> 2.0)
      json
      mixlib-log (~> 1.3)
      moneta (< 0.7.0)
      rack
    clipboard (1.0.5)
    coderay (1.1.0)
    debugging (1.0.1)
      binding.repl (~> 1)
      paint (~> 0, >= 0.8.7)
    diff-lcs (1.2.5)
    erubis (2.7.0)
    every_day_irb (1.6.1)
    fancy_irb (0.7.3)
      paint (>= 0.8.1)
      unicode-display_width (>= 0.1.1)
    ffi (1.9.5)
    g (1.7.2)
    hashie (2.1.2)
    highline (1.6.21)
    hirb (0.7.2)
    interactive_editor (0.0.10)
      spoon (>= 0.0.1)
    ipaddress (0.8.0)
    irbtools (1.6.0)
      alias (~> 0.2.3)
      awesome_print (~> 1.2)
      binding.repl (>= 1.0.1)
      boson (~> 1.2.4)
      boson-more (~> 0.2.2)
      clipboard (~> 1.0.5)
      coderay (~> 1.1.0)
      debugging (~> 1.0)
      every_day_irb (>= 1.6.0)
      fancy_irb (>= 0.7.3)
      g (>= 1.7.2)
      hirb (~> 0.7)
      interactive_editor (>= 0.0.10)
      method_locator (>= 0.0.4)
      method_source (>= 0.8.2)
      methodfinder (>= 1.2.5)
      ori (~> 0.1.0)
      os (~> 0.9)
      paint (>= 0.8.7)
      ruby_engine (~> 1.0)
      ruby_info (~> 1.0)
      ruby_version (~> 1.0)
      wirb (>= 1.0.3)
    json (1.7.7)
    librarian (0.1.2)
      highline
      thor (~> 0.15)
    librarian-chef (0.0.4)
      chef (>= 0.10)
      librarian (~> 0.1.0)
      minitar (>= 0.5.2)
    lxc-extra (0.0.3)
      ruby-lxc
    method_locator (0.0.4)
    method_source (0.8.2)
    methodfinder (2.0.0)
    mime-types (1.25.1)
    minitar (0.9)
    mixlib-authentication (1.3.0)
      mixlib-log
    mixlib-cli (1.5.0)
    mixlib-config (2.1.0)
    mixlib-log (1.6.0)
    mixlib-shellout (1.4.0)
    moneta (0.6.0)
    msgpack (0.5.9)
    net-ssh (2.9.1)
    net-ssh-gateway (1.2.0)
      net-ssh (>= 2.6.5)
    net-ssh-multi (1.1)
      net-ssh (>= 2.1.4)
      net-ssh-gateway (>= 0.99.0)
    ohai (7.0.0.rc.0)
      ipaddress
      mime-types (~> 1.16)
      mixlib-cli
      mixlib-config (~> 2.0)
      mixlib-log
      mixlib-shellout (~> 1.2)
      systemu (~> 2.5.2)
      yajl-ruby
    ori (0.1.0)
    os (0.9.6)
    paint (0.8.7)
    pry (0.10.1)
      coderay (~> 1.1.0)
      method_source (~> 0.8.1)
      slop (~> 3.4)
    puma (1.6.3)
      rack (~> 1.2)
    rack (1.6.12)
    rake (10.1.0)
    rdoc (4.1.2)
      json (~> 1.4)
    rest-client (1.6.8)
      mime-types (~> 1.16)
      rdoc (>= 2.4.2)
    rspec (3.1.0)
      rspec-core (~> 3.1.0)
      rspec-expectations (~> 3.1.0)
      rspec-mocks (~> 3.1.0)
    rspec-core (3.1.5)
      rspec-support (~> 3.1.0)
    rspec-expectations (3.1.2)
      diff-lcs (>= 1.2.0, < 2.0)
      rspec-support (~> 3.1.0)
    rspec-mocks (3.1.2)
      rspec-support (~> 3.1.0)
    rspec-support (3.1.1)
    ruby-lxc (1.2.0)
    ruby_engine (1.0.1)
    ruby_info (1.0.1)
    ruby_version (1.0.1)
    rufus-scheduler (3.0.9)
      tzinfo
    serfx (0.0.8)
      mixlib-log
      msgpack
    slop (3.6.0)
    spoon (0.0.4)
      ffi
    systemu (2.5.2)
    thor (0.19.1)
    thread_safe (0.3.4)
    tzinfo (1.2.2)
      thread_safe (~> 0.1)
    unicode-display_width (0.1.1)
    wirb (1.0.3)
      paint (~> 0.8)
    yajl-ruby (1.2.1)

PLATFORMS
  ruby

DEPENDENCIES
  blender-chef!
  blender-serf!
  chef-lxc
  irbtools
  librarian-chef
  pd-blender!
  pry
  rake
  rspec
